GEM
  remote: https://rubygems.org/
  specs:
    RedCloth (4.3.1)
    bcrypt (3.1.10)
    kgio (2.11.1)
    libv8 (3.16.14.19)
    mini_portile2 (2.3.0)
    mysql2 (0.3.18)
    nokogiri (1.8.1)
      mini_portile2 (~> 2.3.0)
    rack (2.0.3)
    raindrops (0.19.0)
    ref (2.0.0)
    rinku (2.0.4)
    sqlite3 (1.3.13)
    therubyracer (0.12.3)
      libv8 (~> 3.16.14.15)
      ref
    unicorn (4.9.0)
      kgio (~> 2.6)
      rack
      raindrops (~> 0.7)

PLATFORMS
  ruby

DEPENDENCIES
  RedCloth (= 4.3.1)
  bcrypt (= 3.1.10)
  mysql2 (= 0.3.18)
  nokogiri (= 1.8.1)
  rinku
  sqlite3
  therubyracer (= 0.12.3)
  unicorn (= 4.9.0)

BUNDLED WITH
   1.16.1
